FRAMEWORK: >= NET45
NUGET
  remote: https://www.nuget.org/api/v2
    FAKE (4.39)
    NUnit (2.6.4)
    NUnit.Runners (2.6.4)
